GEM
  remote: https://rubygems.org/
  specs:
    diff-lcs (1.3)
    polyglot (0.3.5)
    rspec (3.8.0)
      rspec-core (~> 3.8.0)
      rspec-expectations (~> 3.8.0)
      rspec-mocks (~> 3.8.0)
    rspec-core (3.8.0)
      rspec-support (~> 3.8.0)
    rspec-expectations (3.8.2)
      diff-lcs (>= 1.2.0, < 2.0)
      rspec-support (~> 3.8.0)
    rspec-mocks (3.8.0)
      diff-lcs (>= 1.2.0, < 2.0)
      rspec-support (~> 3.8.0)
    rspec-support (3.8.0)
    treetop (1.6.10)
      polyglot (~> 0.3)

PLATFORMS
  ruby
  x86_64-darwin-16

DEPENDENCIES
  rspec (~> 3.8.0)
  treetop (~> 1.6.10)

BUNDLED WITH
   2.0.1
